GEM
  remote: http://rubygems.org/
  specs:
    builder (3.0.0)
    contest (0.1.3)
    escape (0.0.4)
    haml (3.1.3)
    mustache (0.99.4)
    nest (1.1.0)
      redis (~> 2.1)
    ohm (0.1.3)
      nest (~> 1.0)
    pr_geohash (1.0.0)
    redis (2.2.2)
    rsolr (0.12.1)
      builder (>= 2.1.2)
    sunspot (1.2.1)
      escape (= 0.0.4)
      pr_geohash (~> 1.0)
      rsolr (= 0.12.1)

PLATFORMS
  ruby

DEPENDENCIES
  contest
  haml
  mustache
  ohm
  sunspot
